GIT
  remote: git://github.com/colszowka/serious.git
  revision: 41b749fab601ba40a905a9eefad83aedf71fc638
  specs:
    serious (0.3.2)
      builder (>= 2.1.2)
      sinatra (>= 1.0.0)
      stupid_formatter (>= 0.2.0)

GEM
  remote: http://rubygems.org/
  specs:
    builder (3.0.0)
    coderay (1.0.4)
    rack (1.3.5)
    rack-protection (1.1.4)
      rack
    rake (0.9.2.2)
    rdiscount (1.6.8)
    sinatra (1.3.1)
      rack (>= 1.3.4, ~> 1.3)
      rack-protection (>= 1.1.2, ~> 1.1)
      tilt (>= 1.3.3, ~> 1.3)
    stupid_formatter (0.2.0)
      coderay (>= 0.9.0)
      rdiscount (>= 1.5.0)
    tilt (1.3.3)

PLATFORMS
  ruby

DEPENDENCIES
  rake
  serious!
