GIT
  remote: git://github.com/javierjulio/serious.git
  revision: c7aad870fb71428c1ff0d387eb492e2d08070ad5
  specs:
    serious (0.3.2)
      builder (>= 2.1.2)
      sinatra (>= 1.0.0)
      stupid_formatter (>= 0.2.0)

GEM
  remote: http://rubygems.org/
  specs:
    builder (3.0.0)
    coderay (1.0.6)
    daemons (1.1.8)
    eventmachine (0.12.10)
    rack (1.4.1)
    rack-protection (1.2.0)
      rack
    rake (0.9.2.2)
    rdiscount (1.6.8)
    sass (3.1.15)
    shotgun (0.9)
      rack (>= 1.0)
    sinatra (1.3.2)
      rack (~> 1.3, >= 1.3.6)
      rack-protection (~> 1.2)
      tilt (~> 1.3, >= 1.3.3)
    stupid_formatter (0.2.0)
      coderay (>= 0.9.0)
      rdiscount (>= 1.5.0)
    thin (1.3.1)
      daemons (>= 1.0.9)
      eventmachine (>= 0.12.6)
      rack (>= 1.0.0)
    tilt (1.3.3)

PLATFORMS
  ruby

DEPENDENCIES
  rake
  sass
  serious!
  shotgun
  thin
